GIT
  remote: git://github.com/Hobo/hobo_bootstrap_ui.git
  revision: b3ca7e96a4eef63c01556afe53db1c78b5f2d2c7
  specs:
    hobo_bootstrap_ui (2.0.0.pre10)
      bootstrap-datepicker-rails
      hobo_bootstrap (~> 2.0.0.pre1)

GIT
  remote: git://github.com/Hobo/hobo_paperclip.git
  revision: 58e0daabdce95c1a8a0c06daf086a8ee0820842b
  branch: master
  specs:
    hobo_paperclip (0.0.4)
      hobo
      paperclip

GIT
  remote: git://github.com/Hobo/will_paginate.git
  revision: cc7ef01551b94fe4f607e38929037234dc70bb62
  specs:
    will_paginate (3.0.4.hobo)

GIT
  remote: https://github.com/Hobo/hobo.git
  revision: d33c7c27622a2024374a5ec5fa85fa538086bfaf
  specs:
    hobo_fields (2.0.0)
      hobo_support (= 2.0.0)
    hobo_jquery (2.0.0)
      hobo_rapid (= 2.0.0)
      jquery-rails (~> 2.0)
    hobo_jquery_ui (2.0.0)
      hobo (= 2.0.0)
      hobo_jquery (= 2.0.0)
      jquery-ui-themes (~> 0.0.4)
    hobo_rapid (2.0.0)
      hobo (= 2.0.0)

GIT
  remote: https://github.com/pavlovich/hobo.git
  revision: 0a13e47044c63e7e9d4cf101c74b5b2ad6ac2392
  specs:
    dryml (2.0.0)
      actionpack (~> 3.2.0)
      hobo_support (= 2.0.0)
    hobo (2.0.0)
      dryml (= 2.0.0)
      hobo_fields (= 2.0.0)
      hobo_support (= 2.0.0)
      will_paginate (~> 3.0.0)
    hobo_support (2.0.0)
      rails (~> 3.2.0)

GIT
  remote: https://github.com/pavlovich/hobo_bootstrap.git
  revision: bb50d0f29836f3b461aa26200bb57b1f9283b5c7
  specs:
    hobo_bootstrap (2.0.0.pre8)
      bootstrap-sass (~> 2.1)
      hobo (~> 2.0.0.pre6)
      hobo_jquery (~> 2.0.0.pre6)
      will_paginate-bootstrap (~> 0.2.1)

GEM
  remote: https://rubygems.org/
  specs:
    actionmailer (3.2.11)
      actionpack (= 3.2.11)
      mail (~> 2.4.4)
    actionpack (3.2.11)
      activemodel (= 3.2.11)
      activesupport (= 3.2.11)
      builder (~> 3.0.0)
      erubis (~> 2.7.0)
      journey (~> 1.0.4)
      rack (~> 1.4.0)
      rack-cache (~> 1.2)
      rack-test (~> 0.6.1)
      sprockets (~> 2.2.1)
    activemodel (3.2.11)
      activesupport (= 3.2.11)
      builder (~> 3.0.0)
    activerecord (3.2.11)
      activemodel (= 3.2.11)
      activesupport (= 3.2.11)
      arel (~> 3.0.2)
      tzinfo (~> 0.3.29)
    activeresource (3.2.11)
      activemodel (= 3.2.11)
      activesupport (= 3.2.11)
    activesupport (3.2.11)
      i18n (~> 0.6)
      multi_json (~> 1.0)
    arel (3.0.2)
    bootstrap-datepicker-rails (1.0.0)
      railties (>= 3.0)
    bootstrap-sass (2.3.0.1)
      sass (~> 3.2)
    builder (3.0.4)
    ckeditor (4.0.2)
      mime-types
      orm_adapter
    climate_control (0.0.3)
      activesupport (>= 3.0)
    cocaine (0.5.1)
      climate_control (>= 0.0.3, < 1.0)
    coffee-rails (3.2.2)
      coffee-script (>= 2.2.0)
      railties (~> 3.2.0)
    coffee-script (2.2.0)
      coffee-script-source
      execjs
    coffee-script-source (1.6.1)
    columnize (0.3.6)
    daemons (1.1.9)
    debugger (1.4.0)
      columnize (>= 0.3.1)
      debugger-linecache (~> 1.1.1)
      debugger-ruby_core_source (~> 1.2.0)
    debugger-linecache (1.1.2)
      debugger-ruby_core_source (>= 1.1.1)
    debugger-ruby_core_source (1.2.0)
    erubis (2.7.0)
    eventmachine (1.0.1)
    excon (0.19.5)
    execjs (1.4.0)
      multi_json (~> 1.0)
    fog (1.9.0)
      builder
      excon (~> 0.14)
      formatador (~> 0.2.0)
      mime-types
      multi_json (~> 1.0)
      net-scp (~> 1.0.4)
      net-ssh (>= 2.1.3)
      nokogiri (~> 1.5.0)
      ruby-hmac
    formatador (0.2.4)
    friendly_id (4.0.9)
    fullcalendar-rails (1.5.4.0)
    hike (1.2.1)
    hobo_ckeditor (0.0.12)
      ckeditor
      hobo (>= 2.0.0)
      rails
    httparty (0.10.2)
      multi_json (~> 1.0)
      multi_xml (>= 0.5.2)
    i18n (0.6.4)
    journey (1.0.4)
    jquery-rails (2.2.1)
      railties (>= 3.0, < 5.0)
      thor (>= 0.14, < 2.0)
    jquery-ui-themes (0.0.8)
      httparty
    json (1.7.7)
    mail (2.4.4)
      i18n (>= 0.4.0)
      mime-types (~> 1.16)
      treetop (~> 1.4.8)
    mime-types (1.21)
    multi_json (1.6.1)
    multi_xml (0.5.3)
    net-scp (1.0.4)
      net-ssh (>= 1.99.1)
    net-ssh (2.6.6)
    nokogiri (1.5.6)
    orm_adapter (0.4.0)
    paperclip (3.4.1)
      activemodel (>= 3.0.0)
      activerecord (>= 3.0.0)
      activesupport (>= 3.0.0)
      cocaine (~> 0.5.0)
      mime-types
    pg (0.14.1)
    polyglot (0.3.3)
    quiet_assets (1.0.2)
      railties (>= 3.1, < 5.0)
    rack (1.4.5)
    rack-cache (1.2)
      rack (>= 0.4)
    rack-ssl (1.3.3)
      rack
    rack-test (0.6.2)
      rack (>= 1.0)
    rails (3.2.11)
      actionmailer (= 3.2.11)
      actionpack (= 3.2.11)
      activerecord (= 3.2.11)
      activeresource (= 3.2.11)
      activesupport (= 3.2.11)
      bundler (~> 1.0)
      railties (= 3.2.11)
    railties (3.2.11)
      actionpack (= 3.2.11)
      activesupport (= 3.2.11)
      rack-ssl (~> 1.3.2)
      rake (>= 0.8.7)
      rdoc (~> 3.4)
      thor (>= 0.14.6, < 2.0)
    rake (10.0.3)
    rdoc (3.12.2)
      json (~> 1.4)
    ruby-hmac (0.4.0)
    sass (3.2.6)
    sass-rails (3.2.6)
      railties (~> 3.2.0)
      sass (>= 3.1.10)
      tilt (~> 1.3)
    sprockets (2.2.2)
      hike (~> 1.2)
      multi_json (~> 1.0)
      rack (~> 1.0)
      tilt (~> 1.1, != 1.3.0)
    sqlite3 (1.3.7)
    thin (1.5.0)
      daemons (>= 1.0.9)
      eventmachine (>= 0.12.6)
      rack (>= 1.0.0)
    thor (0.17.0)
    tilt (1.3.4)
    treetop (1.4.12)
      polyglot
      polyglot (>= 0.3.1)
    tzinfo (0.3.36)
    uglifier (1.3.0)
      execjs (>= 0.3.0)
      multi_json (~> 1.0, >= 1.0.2)
    will_paginate-bootstrap (0.2.2)
      will_paginate (>= 3.0.3)

PLATFORMS
  ruby

DEPENDENCIES
  ckeditor
  coffee-rails (~> 3.2.1)
  debugger
  dryml!
  fog
  friendly_id
  fullcalendar-rails
  hobo!
  hobo_bootstrap!
  hobo_bootstrap_ui!
  hobo_ckeditor
  hobo_jquery_ui!
  hobo_paperclip!
  hobo_support!
  jquery-rails
  jquery-ui-themes (~> 0.0.4)
  net-scp (= 1.0.4)
  paperclip
  pg
  quiet_assets
  rails (= 3.2.11)
  sass-rails (~> 3.2.3)
  sqlite3
  thin
  uglifier (>= 1.0.3)
  will_paginate!
