GIT
  remote: git://github.com/Hobo/hobo_bootstrap.git
  revision: e00a8a3d0c1a73283ece4df8225dad1b50b5aef8
  specs:
    hobo_bootstrap (2.0.0.pre8)
      bootstrap-sass (~> 2.1)
      hobo (~> 2.0.0.pre6)
      hobo_jquery (~> 2.0.0.pre6)
      will_paginate-bootstrap (~> 0.2.1)

GIT
  remote: git://github.com/Hobo/hobo_bootstrap_ui.git
  revision: e73a58727b186f0bd674e1ff84470716862ad70c
  specs:
    hobo_bootstrap_ui (2.0.0.pre7)
      bootstrap-datepicker-rails
      hobo_bootstrap (~> 2.0.0.pre1)

GIT
  remote: git://github.com/Hobo/hobo_paperclip.git
  revision: 58e0daabdce95c1a8a0c06daf086a8ee0820842b
  branch: master
  specs:
    hobo_paperclip (0.0.4)
      hobo
      paperclip

GIT
  remote: git://github.com/Hobo/will_paginate.git
  revision: cc7ef01551b94fe4f607e38929037234dc70bb62
  specs:
    will_paginate (3.0.4.hobo)

GEM
  remote: https://rubygems.org/
  specs:
    actionmailer (3.2.11)
      actionpack (= 3.2.11)
      mail (~> 2.4.4)
    actionpack (3.2.11)
      activemodel (= 3.2.11)
      activesupport (= 3.2.11)
      builder (~> 3.0.0)
      erubis (~> 2.7.0)
      journey (~> 1.0.4)
      rack (~> 1.4.0)
      rack-cache (~> 1.2)
      rack-test (~> 0.6.1)
      sprockets (~> 2.2.1)
    activemodel (3.2.11)
      activesupport (= 3.2.11)
      builder (~> 3.0.0)
    activerecord (3.2.11)
      activemodel (= 3.2.11)
      activesupport (= 3.2.11)
      arel (~> 3.0.2)
      tzinfo (~> 0.3.29)
    activeresource (3.2.11)
      activemodel (= 3.2.11)
      activesupport (= 3.2.11)
    activesupport (3.2.11)
      i18n (~> 0.6)
      multi_json (~> 1.0)
    arel (3.0.2)
    bootstrap-datepicker-rails (0.6.37)
      railties (>= 3.0)
    bootstrap-sass (2.2.2.0)
      sass (~> 3.2)
    builder (3.0.4)
    cocaine (0.4.2)
    coffee-rails (3.2.2)
      coffee-script (>= 2.2.0)
      railties (~> 3.2.0)
    coffee-script (2.2.0)
      coffee-script-source
      execjs
    coffee-script-source (1.4.0)
    daemons (1.1.9)
    dryml (2.0.0.pre8.e9a7730)
      actionpack (~> 3.2.0)
      hobo_support (= 2.0.0.pre8.e9a7730)
    erubis (2.7.0)
    eventmachine (1.0.0)
    excon (0.16.10)
    execjs (1.4.0)
      multi_json (~> 1.0)
    fog (1.9.0)
      builder
      excon (~> 0.14)
      formatador (~> 0.2.0)
      mime-types
      multi_json (~> 1.0)
      net-scp (~> 1.0.4)
      net-ssh (>= 2.1.3)
      nokogiri (~> 1.5.0)
      ruby-hmac
    formatador (0.2.4)
    hike (1.2.1)
    hobo (2.0.0.pre8.e9a7730)
      dryml (= 2.0.0.pre8.e9a7730)
      hobo_fields (= 2.0.0.pre8.e9a7730)
      hobo_support (= 2.0.0.pre8.e9a7730)
      will_paginate (~> 3.0.0)
    hobo_fields (2.0.0.pre8.e9a7730)
      hobo_support (= 2.0.0.pre8.e9a7730)
    hobo_jquery (2.0.0.pre8.e9a7730)
      hobo_rapid (= 2.0.0.pre8.e9a7730)
      jquery-rails (~> 2.0)
    hobo_jquery_ui (2.0.0.pre8.e9a7730)
      hobo (= 2.0.0.pre8.e9a7730)
      hobo_jquery (= 2.0.0.pre8.e9a7730)
      jquery-ui-themes (~> 0.0.4)
    hobo_rapid (2.0.0.pre8.e9a7730)
      hobo (= 2.0.0.pre8.e9a7730)
    hobo_support (2.0.0.pre8.e9a7730)
      rails (~> 3.2.0)
    httparty (0.10.0)
      multi_json (~> 1.0)
      multi_xml
    i18n (0.6.1)
    journey (1.0.4)
    jquery-rails (2.1.4)
      railties (>= 3.0, < 5.0)
      thor (>= 0.14, < 2.0)
    jquery-ui-themes (0.0.8)
      httparty
    json (1.7.6)
    mail (2.4.4)
      i18n (>= 0.4.0)
      mime-types (~> 1.16)
      treetop (~> 1.4.8)
    mime-types (1.19)
    multi_json (1.5.0)
    multi_xml (0.5.2)
    net-scp (1.0.4)
      net-ssh (>= 1.99.1)
    net-ssh (2.6.3)
    nokogiri (1.5.6)
    paperclip (3.4.0)
      activemodel (>= 3.0.0)
      activerecord (>= 3.0.0)
      activesupport (>= 3.0.0)
      cocaine (~> 0.4.0)
      mime-types
    pg (0.14.1)
    polyglot (0.3.3)
    quiet_assets (1.0.1)
      railties (~> 3.1)
    rack (1.4.4)
    rack-cache (1.2)
      rack (>= 0.4)
    rack-ssl (1.3.2)
      rack
    rack-test (0.6.2)
      rack (>= 1.0)
    rails (3.2.11)
      actionmailer (= 3.2.11)
      actionpack (= 3.2.11)
      activerecord (= 3.2.11)
      activeresource (= 3.2.11)
      activesupport (= 3.2.11)
      bundler (~> 1.0)
      railties (= 3.2.11)
    railties (3.2.11)
      actionpack (= 3.2.11)
      activesupport (= 3.2.11)
      rack-ssl (~> 1.3.2)
      rake (>= 0.8.7)
      rdoc (~> 3.4)
      thor (>= 0.14.6, < 2.0)
    rake (10.0.3)
    rdoc (3.12)
      json (~> 1.4)
    ruby-hmac (0.4.0)
    sass (3.2.5)
    sass-rails (3.2.6)
      railties (~> 3.2.0)
      sass (>= 3.1.10)
      tilt (~> 1.3)
    sprockets (2.2.2)
      hike (~> 1.2)
      multi_json (~> 1.0)
      rack (~> 1.0)
      tilt (~> 1.1, != 1.3.0)
    sqlite3 (1.3.7)
    thin (1.5.0)
      daemons (>= 1.0.9)
      eventmachine (>= 0.12.6)
      rack (>= 1.0.0)
    thor (0.16.0)
    tilt (1.3.3)
    treetop (1.4.12)
      polyglot
      polyglot (>= 0.3.1)
    tzinfo (0.3.35)
    uglifier (1.3.0)
      execjs (>= 0.3.0)
      multi_json (~> 1.0, >= 1.0.2)
    will_paginate-bootstrap (0.2.2)
      will_paginate (>= 3.0.3)

PLATFORMS
  ruby

DEPENDENCIES
  coffee-rails (~> 3.2.1)
  fog
  hobo (= 2.0.0.pre8.e9a7730)
  hobo_bootstrap!
  hobo_bootstrap_ui!
  hobo_jquery_ui (= 2.0.0.pre8.e9a7730)
  hobo_paperclip!
  jquery-rails
  jquery-ui-themes (~> 0.0.4)
  paperclip
  pg
  quiet_assets
  rails (= 3.2.11)
  sass-rails (~> 3.2.3)
  sqlite3
  thin
  uglifier (>= 1.0.3)
  will_paginate!
